GEM
  remote: https://rubygems.org/
  specs:
    aws-sdk (2.2.17)
      aws-sdk-resources (= 2.2.17)
    aws-sdk-core (2.2.17)
      jmespath (~> 1.0)
    aws-sdk-resources (2.2.17)
      aws-sdk-core (= 2.2.17)
    aws-sdk-utils (0.0.10)
      aws-sdk (= 2.2.17)
      cfndsl (= 0.4.0)
    cfndsl (0.4.0)
    jmespath (1.1.3)

PLATFORMS
  ruby

DEPENDENCIES
  aws-sdk-utils

BUNDLED WITH
   1.11.2
